GEM
  remote: http://rubygems.org/
  specs:
    activesupport (3.2.13)
      i18n (= 0.6.1)
      multi_json (~> 1.0)
    addressable (2.3.3)
    bubble-wrap (1.1.5)
    builder (3.2.0)
    cocoapods (0.16.4)
      activesupport (~> 3.2.6)
      colored (~> 1.2)
      escape (~> 0.0.4)
      faraday (~> 0.8.1)
      json (~> 1.7.3)
      octokit (~> 1.7)
      open4 (~> 1.3.0)
      rake (~> 10.0.0)
      xcodeproj (~> 0.5.0)
    colored (1.2)
    cucumber (1.2.3)
      builder (>= 2.1.2)
      diff-lcs (>= 1.1.3)
      gherkin (~> 2.11.6)
      multi_json (~> 1.3)
    diff-lcs (1.2.1)
    dnssd (2.0)
    escape (0.0.4)
    faraday (0.8.6)
      multipart-post (~> 1.1)
    faraday_middleware (0.9.0)
      faraday (>= 0.7.4, < 0.9)
    frank-cucumber (1.1.8)
      cucumber
      dnssd
      i18n
      json
      plist
      rspec (>= 2.0)
      sim_launcher (>= 0.4.6)
      thor
      xcodeproj
    gherkin (2.11.6)
      json (>= 1.7.6)
    hashie (1.2.0)
    i18n (0.6.1)
    ib (0.2.10)
      thor (>= 0.15.4)
      xcodeproj (>= 0.4.1)
    json (1.7.7)
    motion-cocoapods (1.2.2)
      cocoapods (>= 0.14.0)
    motion-frank (1.1.8.1)
      frank-cucumber (= 1.1.8)
    motion-stump (0.2.0)
    multi_json (1.7.1)
    multipart-post (1.2.0)
    netrc (0.7.7)
    octokit (1.23.0)
      addressable (~> 2.2)
      faraday (~> 0.8)
      faraday_middleware (~> 0.9)
      hashie (~> 1.2)
      multi_json (~> 1.3)
      netrc (~> 0.7.7)
    open4 (1.3.0)
    plist (3.1.0)
    rack (1.5.2)
    rack-protection (1.5.0)
      rack
    rake (10.0.3)
    rspec (2.13.0)
      rspec-core (~> 2.13.0)
      rspec-expectations (~> 2.13.0)
      rspec-mocks (~> 2.13.0)
    rspec-core (2.13.1)
    rspec-expectations (2.13.0)
      diff-lcs (>= 1.1.3, < 2.0)
    rspec-mocks (2.13.0)
    sim_launcher (0.4.6)
      sinatra
    sinatra (1.4.1)
      rack (~> 1.5, >= 1.5.2)
      rack-protection (~> 1.4)
      tilt (~> 1.3, >= 1.3.4)
    thor (0.17.0)
    tilt (1.3.6)
    webstub (0.3.4)
    xcodeproj (0.5.2)
      activesupport (~> 3.2.6)
      colored (~> 1.2)

PLATFORMS
  ruby

DEPENDENCIES
  bubble-wrap
  ib
  motion-cocoapods
  motion-frank
  motion-stump
  rake
  webstub
